GEM
  remote: https://rubygems.org/
  specs:
    eventmachine (1.2.7)
    rack (2.2.2)
    websocket-driver (0.7.2)
      websocket-extensions (>= 0.1.0)
    websocket-extensions (0.1.4)

PLATFORMS
  ruby

DEPENDENCIES
  eventmachine (~> 1.2.7)
  rack (~> 2.2.2)
  websocket-driver (~> 0.7.2)

RUBY VERSION
   ruby 2.6.3p62

BUNDLED WITH
   2.1.4
